GEM
  remote: http://rubygems.org/
  specs:
    addressable (2.2.6)
    bson (1.3.1)
    bson_ext (1.3.1)
    daemons (1.1.3)
    em-mongo (0.3.6)
      bson (>= 1.1.3)
      bson_ext (>= 1.1.3)
      eventmachine (>= 0.12.10)
    em-websocket (0.3.0)
      addressable (>= 2.1.1)
      eventmachine (>= 0.12.9)
    eventmachine (0.12.10)
    mongo (1.3.1)
      bson (>= 1.3.1)
    oauth (0.4.4)

PLATFORMS
  ruby

DEPENDENCIES
  daemons
  em-mongo
  em-websocket
  mongo
  oauth
