GEM
  remote: http://rubygems.org/
  specs:
    addressable (2.2.6)
    bson (1.4.0)
    bson_ext (1.4.0)
    daemons (1.1.4)
    em-mongo (0.4.1)
      bson (>= 1.1.3)
      bson_ext (>= 1.1.3)
      eventmachine (>= 0.12.10)
    em-websocket (0.3.1)
      addressable (>= 2.1.1)
      eventmachine (>= 0.12.9)
    eventmachine (0.12.10)
    mongo (1.4.0)
      bson (= 1.4.0)
    oauth (0.4.5)

PLATFORMS
  ruby

DEPENDENCIES
  daemons
  em-mongo
  em-websocket
  mongo
  oauth
